GEM
  specs:
    rack (1.5.2)

PLATFORMS
  ruby

DEPENDENCIES
  rack
